PATH
  remote: .
  specs:
    alexa_web_service (0.0.7)

GEM
  remote: https://rubygems.org/
  specs:
    httparty (0.15.7)
      multi_xml (>= 0.5.2)
    json (2.1.0)
    multi_xml (0.6.0)
    rake (10.5.0)

PLATFORMS
  ruby

DEPENDENCIES
  alexa_web_service!
  bundler (~> 1.15)
  httparty (~> 0.15.7)
  json (~> 2.1, >= 2.1.0)
  rake (~> 10.0)

BUNDLED WITH
   1.16.1
